GIT
  remote: https://github.com/taf2/curb.git
  revision: 7934eed8372238a1a93ef622f8c47fbe76a494f6
  specs:
    curb (0.9.7)

PATH
  remote: .
  specs:
    kraken_ruby_client (0.0.1)
      curb (~> 0.9)

GEM
  remote: https://rubygems.org/
  specs:
    ansi (1.5.0)
    ast (2.4.0)
    builder (3.2.3)
    color_pound_spec_reporter (0.0.9)
      bundler
      minitest
      minitest-reporters (>= 0.14.24)
      rake
    jaro_winkler (1.5.2)
    minitest (5.11.3)
    minitest-focus (1.1.2)
      minitest (>= 4, < 6)
    minitest-reporters (1.3.6)
      ansi
      builder
      minitest (>= 5.0)
      ruby-progressbar
    parallel (1.13.0)
    parser (2.6.0.0)
      ast (~> 2.4.0)
    powerpack (0.1.2)
    rainbow (3.0.0)
    rake (12.3.2)
    rubocop (0.63.1)
      jaro_winkler (~> 1.5.1)
      parallel (~> 1.10)
      parser (>= 2.5, != 2.5.1.1)
      powerpack (~> 0.1)
      rainbow (>= 2.2.2, < 4.0)
      ruby-progressbar (~> 1.7)
      unicode-display_width (~> 1.4.0)
    ruby-progressbar (1.10.0)
    unicode-display_width (1.4.1)

PLATFORMS
  ruby

DEPENDENCIES
  bundler (~> 1.16)
  color_pound_spec_reporter
  curb!
  kraken_ruby_client!
  minitest
  minitest-focus
  minitest-reporters
  rake
  rubocop

BUNDLED WITH
   1.17.3
