GIT
  remote: https://github.com/taf2/curb.git
  revision: 13144ec5d50ffea0460298cc5de8a0b33db78d22
  specs:
    curb (1.0.5)

PATH
  remote: .
  specs:
    kraken_ruby_client (0.0.1)
      curb (>= 1.0)

GEM
  remote: https://rubygems.org/
  specs:
    minitest (5.22.3)
    rake (13.2.1)

PLATFORMS
  ruby

DEPENDENCIES
  bundler (~> 2.0)
  curb!
  kraken_ruby_client!
  minitest (~> 5.11)
  rake

BUNDLED WITH
   2.2.15
