GIT
  remote: https://github.com/taf2/curb.git
  revision: e4ae981cd26d17c961e2e50e21ff5be49afa484e
  specs:
    curb (0.9.10)

PATH
  remote: .
  specs:
    kraken_ruby_client (0.0.1)
      curb (~> 0.9)

GEM
  remote: https://rubygems.org/
  specs:
    ansi (1.5.0)
    ast (2.4.0)
    builder (3.2.4)
    color_pound_spec_reporter (0.0.9)
      bundler
      minitest
      minitest-reporters (>= 0.14.24)
      rake
    jaro_winkler (1.5.4)
    minitest (5.14.0)
    minitest-focus (1.1.2)
      minitest (>= 4, < 6)
    minitest-reporters (1.4.2)
      ansi
      builder
      minitest (>= 5.0)
      ruby-progressbar
    parallel (1.19.1)
    parser (2.7.0.2)
      ast (~> 2.4.0)
    rainbow (3.0.0)
    rake (13.0.1)
    rexml (3.2.4)
    rubocop (0.80.0)
      jaro_winkler (~> 1.5.1)
      parallel (~> 1.10)
      parser (>= 2.7.0.1)
      rainbow (>= 2.2.2, < 4.0)
      rexml
      ruby-progressbar (~> 1.7)
      unicode-display_width (>= 1.4.0, < 1.7)
    rubocop-minitest (0.6.2)
      rubocop (>= 0.74)
    rubocop-performance (1.5.2)
      rubocop (>= 0.71.0)
    ruby-progressbar (1.10.1)
    unicode-display_width (1.6.1)

PLATFORMS
  ruby

DEPENDENCIES
  bundler (~> 2.0)
  color_pound_spec_reporter
  curb!
  kraken_ruby_client!
  minitest
  minitest-focus
  minitest-reporters
  rake
  rubocop
  rubocop-minitest
  rubocop-performance

BUNDLED WITH
   2.1.2
