GIT
  remote: https://github.com/taf2/curb.git
  revision: 7934eed8372238a1a93ef622f8c47fbe76a494f6
  specs:
    curb (0.9.7)

PATH
  remote: .
  specs:
    kraken_ruby_client (0.0.1)
      curb (~> 0.9)

GEM
  remote: https://rubygems.org/
  specs:
    ansi (1.5.0)
    builder (3.2.3)
    color_pound_spec_reporter (0.0.9)
      bundler
      minitest
      minitest-reporters (>= 0.14.24)
      rake
    minitest (5.11.3)
    minitest-focus (1.1.2)
      minitest (>= 4, < 6)
    minitest-reporters (1.3.6)
      ansi
      builder
      minitest (>= 5.0)
      ruby-progressbar
    rake (12.3.2)
    ruby-progressbar (1.10.0)

PLATFORMS
  ruby

DEPENDENCIES
  bundler (~> 1.16)
  color_pound_spec_reporter
  curb!
  kraken_ruby_client!
  minitest
  minitest-focus
  minitest-reporters
  rake

BUNDLED WITH
   1.17.3
