GIT
  remote: https://github.com/taf2/curb.git
  revision: 41c52f7cd6e8ff6b544c57c5858f8d39481df36e
  specs:
    curb (0.9.6)

PATH
  remote: .
  specs:
    kraken_ruby_client (0.0.1)
      curb (~> 0.9)

GEM
  remote: https://rubygems.org/
  specs:
    ansi (1.5.0)
    builder (3.2.3)
    color_pound_spec_reporter (0.0.9)
      bundler
      minitest
      minitest-reporters (>= 0.14.24)
      rake
    minitest (5.11.3)
    minitest-reporters (1.2.0)
      ansi
      builder
      minitest (>= 5.0)
      ruby-progressbar
    rake (12.3.1)
    ruby-progressbar (1.9.0)

PLATFORMS
  ruby

DEPENDENCIES
  bundler (~> 1.16)
  color_pound_spec_reporter
  curb!
  kraken_ruby_client!
  minitest
  minitest-reporters
  rake

BUNDLED WITH
   1.16.2
