PATH
  remote: .
  specs:
    kraken_ruby_client (0.0.0)
      curb (~> 0.9)

GEM
  remote: https://rubygems.org/
  specs:
    curb (0.9.3)
    rake (11.3.0)

PLATFORMS
  ruby

DEPENDENCIES
  bundler (~> 1.13)
  curb
  kraken_ruby_client!
  rake (~> 11.3)

BUNDLED WITH
   1.13.1
